NUGET
  remote: http://api.nuget.org/v3/index.json
  specs:
    CommonServiceLocator (1.3.0)
    MvvmLight (5.2.0)
      MvvmLightLibs (>= 5.2.0)
    MvvmLightLibs (5.2.0)
      CommonServiceLocator (>= 1.0.0) - framework: net35, sl40
      CommonServiceLocator (>= 1.3.0)
