NUGET
  remote: http://api.nuget.org/v3/index.json
  specs:
    CommonServiceLocator (1.3.0)
    FirebaseSharp (1.0.0.5)
      Microsoft.Net.Http (>= 2.2.29)
      Newtonsoft.Json (>= 6.0.8)
    MahApps.Metro (1.2.2)
    MahApps.Metro.Resources (0.4.0)
      MahApps.Metro (>= 1.0.0)
    Microsoft.Bcl (1.1.10)
      Microsoft.Bcl.Build (>= 1.0.14)
    Microsoft.Bcl.Build (1.0.21) - import_targets: false
    Microsoft.Net.Http (2.2.29)
      Microsoft.Bcl (>= 1.1.10)
      Microsoft.Bcl.Build (>= 1.0.14)
    MvvmLight (5.2.0)
      MvvmLightLibs (>= 5.2.0)
    MvvmLightLibs (5.2.0)
      CommonServiceLocator (>= 1.0.0) - framework: net35, sl40
      CommonServiceLocator (>= 1.3.0)
    Newtonsoft.Json (8.0.2)
    Unity (4.0.1)
      CommonServiceLocator (>= 1.3.0)
